GEM
  remote: http://rubygems.org/
  specs:
    json (1.4.6)
    oauth (0.4.4)
    rack (1.2.1)
    sinatra (1.1.0)
      rack (~> 1.1)
      tilt (~> 1.1)
    tilt (1.1)

PLATFORMS
  ruby

DEPENDENCIES
  json
  oauth
  sinatra
